GEM
  remote: https://rubygems.org/
  specs:
    minitest (5.14.4)
    minitest-ci (3.4.0)
      minitest (>= 5.0.6)
    rake (13.0.6)

PLATFORMS
  x86_64-darwin-20

DEPENDENCIES
  minitest
  minitest-ci
  rake

RUBY VERSION
   ruby 2.7.4p191

BUNDLED WITH
   2.2.22
